{
	"Modality": "MR",
	"MagneticFieldStrength": 3,
	"ImagingFrequency": 123.138533,
	"Manufacturer": "Siemens",
	"ManufacturersModelName": "MAGNETOM Vida",
	"InstitutionName": "Siemens Healthineers",
	"InstitutionalDepartmentName": "Research",
	"InstitutionAddress": " ,Seoul,,KR,",
	"DeviceSerialNumber": "176591",
	"StationName": "AWP176591",
	"BodyPart": "BRAIN",
	"PatientPosition": "HFS",
	"ProcedureStepDescription": "Volunteer Siemens RC",
	"SoftwareVersions": "syngo MR XA50",
	"MRAcquisitionType": "2D",
	"StudyDescription": "Volunteer Siemens RC",
	"SeriesDescription": "t1_tse_dark-fluid_tra_22sec",
	"ProtocolName": "t1_tse_dark-fluid_tra_p4",
	"ScanningSequence": "SE\\IR",
	"SequenceVariant": "SK\\SP\\MP\\OSP",
	"ScanOptions": "IR\\SAT2",
	"PulseSequenceName": "*tir2d1_6",
	"ImageType": ["ORIGINAL", "PRIMARY", "M", "NONE", "MAGNITUDE"],
	"ImageTypeText": ["ORIGINAL", "PRIMARY", "M", "NORM", "DRS", "DIS2D", "DRB"],
	"NonlinearGradientCorrection": true,
	"SeriesNumber": 1032,
	"AcquisitionTime": "17:35:21.940000",
	"AcquisitionNumber": 1,
	"SliceThickness": 5,
	"SpacingBetweenSlices": 7,
	"TablePosition": [
		0,
		0,
		-2	],
	"EchoTime": 0.017,
	"RepetitionTime": 1.5,
	"MTState": false,
	"SpoilingState": true,
	"InversionTime": 0.6715,
	"FlipAngle": 150,
	"PartialFourier": 1,
	"Interpolation2D": 1,
	"BaseResolution": 256,
	"ShimSetting": [
		-3225,
		8906,
		1894,
		153,
		-125,
		312,
		65,
		-82	],
	"TxRefAmp": 406.648,
	"PhaseResolution": 0.7,
	"PhaseOversampling": 0.3,
	"ReceiveCoilName": "HeadNeck_20_TCS",
	"ReceiveCoilActiveElements": "HE1-4",
	"CoilString": "1",
	"PulseSequenceDetails": "%SiemensSeq%\\tse",
	"RefLinesPE": 64,
	"CoilCombinationMethod": "Adaptive Combine",
	"ConsistencyInfo": "65010000",
	"MultibandAccelerationFactor": 2,
	"PercentPhaseFOV": 81.25,
	"PercentSampling": 70,
	"EchoTrainLength": 6,
	"PhaseEncodingSteps": 146,
	"FrequencyEncodingSteps": 256,
	"AcquisitionMatrixPE": 192,
	"ReconMatrixPE": 416,
	"ParallelReductionFactorInPlane": 4,
	"ParallelAcquisitionTechnique": "SMS",
	"DeepLearning": true,
	"DeepLearningDetails": "ChannelMixing:ND=true_CMM=1_CDM=1\\NormalizeAlgo:PreScan\\EdgeEnhancement_3",
	"AcquisitionDuration": 24.392,
	"PixelBandwidth": 260,
	"DwellTime": 7.5e-06,
	"PhaseEncodingDirection": "i",
	"SliceTiming": [
		2.75,
		0,
		2.98,
		0.2275,
		3.2075,
		0.4575,
		3.4375,
		0.6875,
		3.6675,
		0.915,
		3.8975,
		1.145,
		4.125,
		1.375,
		4.355,
		1.605,
		4.585,
		1.8325,
		4.8125,
		2.0625,
		5.0425,
		2.2925,
		5.2725,
		2.52	],
	"ImageOrientationPatientDICOM": [
		0.995085,
		-0.0971609,
		-0.0191076,
		0.097569,
		0.994992,
		0.0217255	],
	"InPlanePhaseEncodingDirectionDICOM": "ROW",
	"BidsGuess": ["anat","_acq-tir2p4m2_run-1032"],
	"ConversionSoftware": "dcm2niix",
	"ConversionSoftwareVersion": "v1.0.20260416"
}
