{
	"Modality": "MR",
	"MagneticFieldStrength": 3,
	"ImagingFrequency": 123.138533,
	"Manufacturer": "Siemens",
	"ManufacturersModelName": "MAGNETOM Vida",
	"InstitutionName": "Siemens Healthineers",
	"InstitutionalDepartmentName": "Research",
	"InstitutionAddress": " ,Seoul,,KR,",
	"DeviceSerialNumber": "176591",
	"StationName": "AWP176591",
	"BodyPart": "BRAIN",
	"PatientPosition": "HFS",
	"ProcedureStepDescription": "Volunteer Siemens RC",
	"SoftwareVersions": "syngo MR XA50",
	"MRAcquisitionType": "2D",
	"StudyDescription": "Volunteer Siemens RC",
	"SeriesDescription": "t1_tse_dark-fluid_sag_40sec",
	"ProtocolName": "t1_tse_dark-fluid_sag",
	"ScanningSequence": "SE\\IR",
	"SequenceVariant": "SK\\SP\\MP\\OSP",
	"ScanOptions": "IR",
	"PulseSequenceName": "*tir2d1_5",
	"ImageType": ["ORIGINAL", "PRIMARY", "M", "NONE", "MAGNITUDE"],
	"ImageTypeText": ["ORIGINAL", "PRIMARY", "M", "NORM", "DRS", "DIS2D", "DRB"],
	"NonlinearGradientCorrection": true,
	"SeriesNumber": 1044,
	"AcquisitionTime": "17:42:25.955000",
	"AcquisitionNumber": 1,
	"SliceThickness": 5,
	"SpacingBetweenSlices": 7,
	"TablePosition": [
		0,
		0,
		9	],
	"EchoTime": 0.017,
	"RepetitionTime": 1.8,
	"MTState": false,
	"SpoilingState": true,
	"InversionTime": 0.7938,
	"FlipAngle": 150,
	"PartialFourier": 1,
	"Interpolation2D": 1,
	"BaseResolution": 256,
	"ShimSetting": [
		-3225,
		8906,
		1894,
		153,
		-125,
		312,
		65,
		-82	],
	"TxRefAmp": 406.648,
	"PhaseResolution": 0.7,
	"ReceiveCoilName": "HeadNeck_20_TCS",
	"ReceiveCoilActiveElements": "HE1-4;NE2",
	"CoilString": "1",
	"PulseSequenceDetails": "%SiemensSeq%\\tse",
	"RefLinesPE": 27,
	"CoilCombinationMethod": "Adaptive Combine",
	"ConsistencyInfo": "65010000",
	"MatrixCoilMode": "GRAPPA",
	"PercentPhaseFOV": 100,
	"PercentSampling": 70,
	"EchoTrainLength": 5,
	"PhaseEncodingSteps": 179,
	"FrequencyEncodingSteps": 256,
	"AcquisitionMatrixPE": 180,
	"ReconMatrixPE": 512,
	"ParallelReductionFactorInPlane": 4,
	"ParallelAcquisitionTechnique": "GRAPPA",
	"DeepLearning": true,
	"DeepLearningDetails": "ChannelMixing:ND=true_CMM=1_CDM=1\\NormalizeAlgo:PreScan\\EdgeEnhancement_3",
	"AcquisitionDuration": 47.264,
	"PixelBandwidth": 260,
	"DwellTime": 7.5e-06,
	"PhaseEncodingDirection": "i",
	"SliceTiming": [
		0.495,
		25.6475,
		0.4475,
		25.5975,
		0.3975,
		25.5475,
		0.3475,
		25.4975,
		0.2975,
		25.4475,
		0.2475,
		25.3975,
		0.1975,
		25.3475,
		0.1475,
		25.2975,
		0.0975,
		25.2475,
		0.0475,
		25.2,
		0	],
	"ImageOrientationPatientDICOM": [
		0.0801208,
		0.996211,
		0.0338341,
		-0.0305428,
		0.0363809,
		-0.998871	],
	"InPlanePhaseEncodingDirectionDICOM": "ROW",
	"BidsGuess": ["anat","_acq-tir2p4_run-1044"],
	"ConversionSoftware": "dcm2niix",
	"ConversionSoftwareVersion": "v1.0.20260416"
}
